FRAMEWORK: >= NET45
NUGET
  remote: https://www.nuget.org/api/v2
    FAKE (4.35)
    FSharp.Core (4.0.0.1)
    FSharp.Data (2.3.2)
    Suave (1.0)
      FSharp.Core (>= 3.1.2.5)
